GIT
  remote: git://github.com/phaxio/phaxio-ruby.git
  revision: 8d6c85c38643159e41039726b0a019c846101d60
  tag: v0.5.0
  specs:
    phaxio (0.5.0)
      httmultiparty

GEM
  remote: https://rubygems.org/
  specs:
    haml (4.0.7)
      tilt
    httmultiparty (0.3.16)
      httparty (>= 0.7.3)
      mimemagic
      multipart-post
    httparty (0.13.7)
      json (~> 1.8)
      multi_xml (>= 0.5.2)
    json (1.8.3)
    mimemagic (0.3.1)
    multi_xml (0.5.5)
    multipart-post (2.0.0)
    rack (1.6.4)
    rack-protection (1.5.3)
      rack
    sinatra (1.4.7)
      rack (~> 1.5)
      rack-protection (~> 1.4)
      tilt (>= 1.3, < 3)
    tilt (2.0.2)

PLATFORMS
  ruby

DEPENDENCIES
  haml (~> 4.0.0)
  phaxio!
  sinatra (~> 1.4.0)

BUNDLED WITH
   1.11.2
